GEM
  remote: https://rubygems.org/
  specs:
    aws-partitions (1.67.0)
    aws-sdk-core (3.17.0)
      aws-partitions (~> 1.0)
      aws-sigv4 (~> 1.0)
      jmespath (~> 1.0)
    aws-sdk-kms (1.5.0)
      aws-sdk-core (~> 3)
      aws-sigv4 (~> 1.0)
    aws-sdk-s3 (1.8.2)
      aws-sdk-core (~> 3)
      aws-sdk-kms (~> 1)
      aws-sigv4 (~> 1.0)
    aws-sigv4 (1.0.2)
    byebug (10.0.0)
    jmespath (1.3.1)
    rake (12.3.0)
    version_sorter (2.2.4)

PLATFORMS
  ruby

DEPENDENCIES
  aws-sdk-s3
  byebug
  rake
  version_sorter

BUNDLED WITH
   1.16.1
